GEM
  remote: https://rubygems.org/
  specs:
    addressable (2.3.6)
    celluloid (0.15.2)
      timers (~> 1.1.0)
    chunky_png (1.3.1)
    compass (0.12.6)
      chunky_png (~> 1.2)
      fssm (>= 0.2.7)
      sass (~> 3.2.19)
    cookiejar (0.3.2)
    daemons (1.1.9)
    em-http-request (1.1.2)
      addressable (>= 2.3.4)
      cookiejar
      em-socksify (>= 0.3)
      eventmachine (>= 1.0.3)
      http_parser.rb (>= 0.6.0)
    em-socksify (0.3.0)
      eventmachine (>= 1.0.0.beta.4)
    erubis (2.7.0)
    eventmachine (1.0.3)
    extlib (0.9.16)
    ffi (1.9.3)
    fssm (0.2.10)
    haml (3.1.8)
    http_parser.rb (0.6.0)
    json_pure (1.8.1)
    listen (2.7.9)
      celluloid (>= 0.15.2)
      rb-fsevent (>= 0.9.3)
      rb-inotify (>= 0.9)
    rack (1.5.2)
    rb-fsevent (0.9.4)
    rb-inotify (0.9.5)
      ffi (>= 0.5.0)
    sass (3.2.19)
    sproutcore (1.10.2)
      chunky_png (~> 1.2)
      compass (~> 0.11)
      em-http-request (~> 1.0)
      erubis (~> 2.6)
      eventmachine (>= 0.12.6)
      eventmachine (~> 1.0)
      extlib (~> 0.9)
      haml (~> 3.1)
      json_pure (~> 1.4)
      listen (~> 2.0)
      rack (~> 1.2)
      sass (~> 3.1)
      thin (~> 1.2)
      thor (~> 0.18)
    thin (1.6.2)
      daemons (>= 1.0.9)
      eventmachine (>= 1.0.0)
      rack (>= 1.0.0)
    thor (0.19.1)
    timers (1.1.0)

PLATFORMS
  ruby

DEPENDENCIES
  sproutcore (= 1.10.2)
